GEM
  remote: https://rubygems.org/
  specs:
    mechanize (1.0.0)
      nokogiri (>= 1.2.1)
    mini_portile (0.5.2)
    nokogiri (1.6.0)
      mini_portile (~> 0.5.0)
    rack (1.5.2)
    rspec (1.3.2)

PLATFORMS
  ruby

DEPENDENCIES
  mechanize
  nokogiri
  rack (~> 1.1)
  rspec
